GEM
  remote: https://rubygems.org/
  specs:
    paint (0.9.0)
    restclient (0.10.1)
      paint (~> 0.8)

PLATFORMS
  ruby

DEPENDENCIES
  restclient
